GEM
  remote: https://rubygems.org/
  specs:
    cassandra (0.23.0)
      json
      rake
      simple_uuid (~> 0.3)
      thrift_client (~> 0.7, < 0.9)
    coderay (1.0.9)
    dotenv (0.9.0)
    foreman (0.63.0)
      dotenv (>= 0.7)
      thor (>= 0.13.6)
    json (1.8.0)
    method_source (0.8.2)
    pry (0.9.12.2)
      coderay (~> 1.0.5)
      method_source (~> 0.8)
      slop (~> 3.4)
    rake (10.1.0)
    simple_uuid (0.4.0)
    slop (3.4.6)
    thor (0.18.1)
    thrift (0.8.0)
    thrift_client (0.8.4)
      thrift (~> 0.8.0)

PLATFORMS
  ruby

DEPENDENCIES
  cassandra
  foreman
  pry
